GEM
  remote: https://rubygems.org/
  specs:
    colorize (0.8.1)
    concurrent-ruby (1.1.6)
    dry-cli (0.6.0)
      concurrent-ruby (~> 1.0)

PLATFORMS
  ruby

DEPENDENCIES
  colorize (~> 0.8.1)
  dry-cli (~> 0.6.0)

RUBY VERSION
   ruby 2.7.1p83

BUNDLED WITH
   2.1.4
